GEM
  remote: https://rubygems.org/
  specs:
    addressable (2.5.2)
      public_suffix (>= 2.0.2, < 4.0)
    ast (2.4.0)
    backports (3.11.4)
    berkshelf (7.0.6)
      chef (>= 13.6.52)
      chef-config
      cleanroom (~> 1.0)
      concurrent-ruby (~> 1.0)
      minitar (>= 0.6)
      mixlib-archive (~> 0.4)
      mixlib-config (>= 2.2.5)
      mixlib-shellout (~> 2.0)
      octokit (~> 4.0)
      retryable (~> 2.0)
      solve (~> 4.0)
      thor (>= 0.20)
    builder (3.2.3)
    chef (14.5.33)
      addressable
      bundler (>= 1.10)
      chef-config (= 14.5.33)
      chef-zero (>= 13.0)
      diff-lcs (~> 1.2, >= 1.2.4)
      erubis (~> 2.7)
      ffi (~> 1.9, >= 1.9.25)
      ffi-yajl (~> 2.2)
      highline (~> 1.6, >= 1.6.9)
      iniparse (~> 1.4)
      iso8601 (~> 0.11.0)
      mixlib-archive (~> 0.4)
      mixlib-authentication (~> 2.1)
      mixlib-cli (~> 1.7)
      mixlib-log (~> 2.0, >= 2.0.3)
      mixlib-shellout (~> 2.4)
      net-sftp (~> 2.1, >= 2.1.2)
      net-ssh (~> 4.2)
      net-ssh-multi (~> 1.2, >= 1.2.1)
      ohai (~> 14.0)
      plist (~> 3.2)
      proxifier (~> 1.0)
      rspec-core (~> 3.5, < 3.8)
      rspec-expectations (~> 3.5, < 3.8)
      rspec-mocks (~> 3.5, < 3.8)
      rspec_junit_formatter (~> 0.2.0)
      serverspec (~> 2.7)
      specinfra (~> 2.10)
      syslog-logger (~> 1.6)
      uuidtools (~> 2.1.5)
    chef-config (14.5.33)
      addressable
      fuzzyurl
      mixlib-config (>= 2.2.12, < 3.0)
      mixlib-shellout (~> 2.0)
      tomlrb (~> 1.2)
    chef-zero (14.0.6)
      ffi-yajl (~> 2.2)
      hashie (>= 2.0, < 4.0)
      mixlib-log (~> 2.0)
      rack (~> 2.0)
      uuidtools (~> 2.1)
    chefspec (7.3.2)
      chef (>= 12.16.42)
      fauxhai (>= 4)
      rspec (~> 3.0)
    cleanroom (1.0.0)
    concurrent-ruby (1.0.5)
    cucumber-core (3.2.1)
      backports (>= 3.8.0)
      cucumber-tag_expressions (~> 1.1.0)
      gherkin (~> 5.0)
    cucumber-tag_expressions (1.1.1)
    diff-lcs (1.3)
    erubis (2.7.0)
    faraday (0.15.3)
      multipart-post (>= 1.2, < 3)
    fauxhai (6.7.0)
      net-ssh
    ffi (1.9.25)
    ffi-yajl (2.3.1)
      libyajl2 (~> 1.2)
    foodcritic (14.2.0)
      cucumber-core (>= 1.3, < 4.0)
      erubis
      ffi-yajl (~> 2.0)
      nokogiri (>= 1.5, < 2.0)
      rake
      rufus-lru (~> 1.0)
      treetop (~> 1.4)
    fuzzyurl (0.9.0)
    gherkin (5.1.0)
    hashie (3.6.0)
    highline (1.7.10)
    iniparse (1.4.4)
    ipaddress (0.8.3)
    iso8601 (0.11.0)
    jaro_winkler (1.5.1)
    libyajl2 (1.2.0)
    mini_portile2 (2.3.0)
    minitar (0.6.1)
    mixlib-archive (0.4.16)
      mixlib-log
    mixlib-authentication (2.1.1)
    mixlib-cli (1.7.0)
    mixlib-config (2.2.13)
      tomlrb
    mixlib-log (2.0.4)
    mixlib-shellout (2.4.0)
    molinillo (0.6.6)
    multi_json (1.13.1)
    multipart-post (2.0.0)
    net-scp (1.2.1)
      net-ssh (>= 2.6.5)
    net-sftp (2.1.2)
      net-ssh (>= 2.6.5)
    net-ssh (4.2.0)
    net-ssh-gateway (2.0.0)
      net-ssh (>= 4.0.0)
    net-ssh-multi (1.2.1)
      net-ssh (>= 2.6.5)
      net-ssh-gateway (>= 1.2.0)
    net-telnet (0.1.1)
    nokogiri (1.8.5)
      mini_portile2 (~> 2.3.0)
    octokit (4.12.0)
      sawyer (~> 0.8.0, >= 0.5.3)
    ohai (14.5.4)
      chef-config (>= 12.8, < 15)
      ffi (~> 1.9)
      ffi-yajl (~> 2.2)
      ipaddress
      mixlib-cli (>= 1.7.0)
      mixlib-config (~> 2.0)
      mixlib-log (~> 2.0, >= 2.0.1)
      mixlib-shellout (~> 2.0)
      plist (~> 3.1)
      systemu (~> 2.6.4)
      wmi-lite (~> 1.0)
    parallel (1.12.1)
    parser (2.5.1.2)
      ast (~> 2.4.0)
    plist (3.4.0)
    polyglot (0.3.5)
    powerpack (0.1.2)
    proxifier (1.0.3)
    public_suffix (3.0.3)
    rack (2.0.5)
    rainbow (3.0.0)
    rake (12.3.1)
    retryable (2.0.4)
    rspec (3.7.0)
      rspec-core (~> 3.7.0)
      rspec-expectations (~> 3.7.0)
      rspec-mocks (~> 3.7.0)
    rspec-core (3.7.1)
      rspec-support (~> 3.7.0)
    rspec-expectations (3.7.0)
      diff-lcs (>= 1.2.0, < 2.0)
      rspec-support (~> 3.7.0)
    rspec-its (1.2.0)
      rspec-core (>= 3.0.0)
      rspec-expectations (>= 3.0.0)
    rspec-mocks (3.7.0)
      diff-lcs (>= 1.2.0, < 2.0)
      rspec-support (~> 3.7.0)
    rspec-support (3.7.1)
    rspec_junit_formatter (0.2.3)
      builder (< 4)
      rspec-core (>= 2, < 4, != 2.12.0)
    rubocop (0.59.2)
      jaro_winkler (~> 1.5.1)
      parallel (~> 1.10)
      parser (>= 2.5, != 2.5.1.1)
      powerpack (~> 0.1)
      rainbow (>= 2.2.2, < 4.0)
      ruby-progressbar (~> 1.7)
      unicode-display_width (~> 1.0, >= 1.0.1)
    ruby-progressbar (1.10.0)
    rufus-lru (1.1.0)
    sawyer (0.8.1)
      addressable (>= 2.3.5, < 2.6)
      faraday (~> 0.8, < 1.0)
    semverse (2.0.0)
    serverspec (2.41.3)
      multi_json
      rspec (~> 3.0)
      rspec-its
      specinfra (~> 2.72)
    sfl (2.3)
    solve (4.0.0)
      molinillo (~> 0.6)
      semverse (>= 1.1, < 3.0)
    specinfra (2.76.2)
      net-scp
      net-ssh (>= 2.7)
      net-telnet (= 0.1.1)
      sfl
    syslog-logger (1.6.8)
    systemu (2.6.5)
    thor (0.20.0)
    tomlrb (1.2.7)
    treetop (1.6.10)
      polyglot (~> 0.3)
    unicode-display_width (1.4.0)
    uuidtools (2.1.5)
    wmi-lite (1.0.0)

PLATFORMS
  ruby

DEPENDENCIES
  berkshelf
  chefspec
  foodcritic
  rake
  rubocop

BUNDLED WITH
   1.16.1
